GEM
  remote: https://rubygems.org/
  specs:
    ethon (0.16.0)
      ffi (>= 1.15.0)
    faraday (2.7.4)
      faraday-net_http (>= 2.0, < 3.1)
      ruby2_keywords (>= 0.0.4)
    faraday-net_http (3.0.2)
    ffi (1.15.5)
    hashie (5.0.0)
    json (2.6.3)
    jwt (2.7.0)
    multi_xml (0.6.0)
    oauth (1.1.0)
      oauth-tty (~> 1.0, >= 1.0.1)
      snaky_hash (~> 2.0)
      version_gem (~> 1.1)
    oauth-tty (1.0.5)
      version_gem (~> 1.1, >= 1.1.1)
    oauth2 (2.0.9)
      faraday (>= 0.17.3, < 3.0)
      jwt (>= 1.0, < 3.0)
      multi_xml (~> 0.5)
      rack (>= 1.2, < 4)
      snaky_hash (~> 2.0)
      version_gem (~> 1.1)
    omniauth (2.1.1)
      hashie (>= 3.4.6)
      rack (>= 2.2.3)
      rack-protection
    omniauth-oauth2 (1.8.0)
      oauth2 (>= 1.4, < 3)
      omniauth (~> 2.0)
    omniauth-splitwise (0.1.0)
      omniauth-oauth2 (~> 1.0)
    openssl (3.1.0)
    rack (3.0.7)
    rack-protection (3.0.5)
      rack
    ruby2_keywords (0.0.5)
    sinatra (1.0)
      rack (>= 1.0)
    snaky_hash (2.0.1)
      hashie
      version_gem (~> 1.1, >= 1.1.1)
    splitwise (0.0.1)
    typhoeus (1.4.0)
      ethon (>= 0.9.0)
    uri (0.12.0)
    version_gem (1.1.2)
    yaml (0.2.1)
    ynab (1.29.0)
      json (~> 2.1, >= 2.1.0)
      typhoeus (~> 1.0, >= 1.0.1)

PLATFORMS
  x86_64-linux

DEPENDENCIES
  json
  oauth
  oauth2
  omniauth-splitwise
  openssl
  sinatra
  splitwise
  uri
  yaml
  ynab

BUNDLED WITH
   2.4.0
